GEM
  remote: http://rubygems.org/
  specs:
    activesupport (3.2.14)
      i18n (~> 0.6, >= 0.6.4)
      multi_json (~> 1.0)
    factory_girl (4.2.0)
      activesupport (>= 3.0.0)
    i18n (0.6.5)
    minitest (5.0.7)
    multi_json (1.8.0)

PLATFORMS
  ruby

DEPENDENCIES
  factory_girl (~> 4.2.0)
  minitest (~> 5.0.7)
